GIT
  remote: git://github.com/distler/maruku.git
  revision: aa33367fa89e32ab6fd1cc4bb652e3a9b601ec34
  branch: nokogiri
  specs:
    maruku (0.7.3.beta1)
      itextomml (>= 1.5.0)
      nokogiri (~> 1.5, >= 1.5.6)
      syntax (~> 1.1.0)

GEM
  remote: http://rubygems.org/
  specs:
    RedCloth (4.2.9)
    abstract (1.0.0)
    daemons (1.2.3)
    erubis (2.7.0)
    eventmachine (1.0.8)
    file_signature (1.2.0)
    iconv (1.0.4)
    itextomml (1.5.2)
    json (1.8.3)
    nokogiri (1.5.11)
    pg (0.18.2)
    rack (1.6.4)
    rails_12factor (0.0.3)
      rails_serve_static_assets
      rails_stdout_logging
    rails_serve_static_assets (0.0.4)
    rails_stdout_logging (0.0.4)
    rails_xss (0.4.0)
    rake (10.4.2)
    rdoc (4.2.0)
      json (~> 1.4)
    rdoc-data (4.0.1)
      rdoc (~> 4.0)
    rubyzip (0.9.9)
    syntax (1.1.0)
    test-unit (2.5.5)
    thin (1.6.3)
      daemons (~> 1.0, >= 1.0.9)
      eventmachine (~> 1.0)
      rack (~> 1.0)

PLATFORMS
  ruby

DEPENDENCIES
  RedCloth (>= 4.0.0)
  abstract (~> 1.0.0)
  erubis
  file_signature (~> 1.2.0)
  iconv
  itextomml (>= 1.5.1)
  json
  maruku!
  nokogiri (~> 1.5.6)
  pg
  rack (>= 1.1.3)
  rails_12factor
  rails_xss (~> 0.4.0)
  rake
  rdoc
  rdoc-data
  rubyzip (~> 0.9.9)
  syntax (~> 1.1.0)
  test-unit (~> 2.5.5)
  thin

BUNDLED WITH
   1.10.6
